GIT
  remote: https://github.com/VladDonchenko/Transporter_html
  revision: e94283317b3ab78e916143b722cc9d37cf0c93bd
  branch: master
  specs:
    Transporter (0.1.1)

GEM
  specs:

PLATFORMS
  ruby

DEPENDENCIES
  Transporter (~> 0.1.1)!

BUNDLED WITH
   2.1.4
